GIT
  remote: git://github.com/plataformatec/devise.git
  revision: 5f2a19d
  specs:
    devise (1.1.rc1)
      warden (~> 0.10.3)

GIT
  remote: git://github.com/rails/rails.git
  revision: 0265c70
  specs:
    actionmailer (3.0.0.beta4)
      actionpack (= 3.0.0.beta4)
      mail (~> 2.2.3)
    actionpack (3.0.0.beta4)
      activemodel (= 3.0.0.beta4)
      activesupport (= 3.0.0.beta4)
      builder (~> 2.1.2)
      erubis (~> 2.6.5)
      i18n (~> 0.4.1)
      rack (~> 1.1.0)
      rack-mount (~> 0.6.3)
      rack-test (~> 0.5.4)
      tzinfo (~> 0.3.16)
    activemodel (3.0.0.beta4)
      activesupport (= 3.0.0.beta4)
      builder (~> 2.1.2)
      i18n (~> 0.4.1)
    activerecord (3.0.0.beta4)
      activemodel (= 3.0.0.beta4)
      activesupport (= 3.0.0.beta4)
      arel (~> 0.4.0)
      tzinfo (~> 0.3.16)
    activeresource (3.0.0.beta4)
      activemodel (= 3.0.0.beta4)
      activesupport (= 3.0.0.beta4)
    activesupport (3.0.0.beta4)
    rails (3.0.0.beta4)
      actionmailer (= 3.0.0.beta4)
      actionpack (= 3.0.0.beta4)
      activerecord (= 3.0.0.beta4)
      activeresource (= 3.0.0.beta4)
      activesupport (= 3.0.0.beta4)
      bundler (>= 0.9.26)
      railties (= 3.0.0.beta4)
    railties (3.0.0.beta4)
      actionpack (= 3.0.0.beta4)
      activesupport (= 3.0.0.beta4)
      rake (>= 0.8.3)
      thor (~> 0.13.6)

GIT
  remote: git://github.com/railsjedi/hassle.git
  revision: 53fc4c2
  specs:
    hassle (0.0.1)
      haml
      rack

GIT
  remote: git://github.com/railsjedi/mongoid.git
  revision: 763b854
  specs:
    mongoid (2.0.0.beta6)
      activemodel (~> 3.0.0.beta)
      bson (~> 1.0.1)
      mongo (~> 1.0.1)
      will_paginate (~> 3.0.pre)

GEM
  remote: http://rubygems.org/
  specs:
    abstract (1.0.0)
    arel (0.4.0)
      activesupport (>= 3.0.0.beta)
    better_partials (1.0.1)
    bson (1.0.2)
    bson_ext (1.0.1)
    builder (2.1.2)
    bundler (1.0.0.beta.1)
    capybara (0.3.8)
      culerity (>= 0.2.4)
      mime-types (>= 1.16)
      nokogiri (>= 1.3.3)
      rack (>= 1.0.0)
      rack-test (>= 0.5.2)
      selenium-webdriver (>= 0.0.3)
    columnize (0.3.1)
    compass (0.10.2)
      haml (>= 3.0.4)
    cucumber (0.8.0)
      builder (>= 2.1.2)
      diff-lcs (>= 1.1.2)
      gherkin (>= 1.0.30)
      json_pure (>= 1.4.3)
      term-ansicolor (>= 1.0.4)
    cucumber-rails (0.3.2)
      cucumber (>= 0.8.0)
    culerity (0.2.10)
    database_cleaner (0.5.2)
    diff-lcs (1.1.2)
    erubis (2.6.5)
      abstract (>= 1.0.0)
    factory_girl (1.2.4)
    ffi (0.6.3)
      rake (>= 0.8.7)
    ffi (0.6.3-java)
    ffi (0.6.3-x86-mingw32)
      rake (>= 0.8.7)
    ffi (0.6.3-x86-mswin32)
      rake (>= 0.8.7)
    gherkin (1.0.30)
      trollop (>= 1.16.2)
    gherkin (1.0.30-java)
      trollop (>= 1.16.2)
    gherkin (1.0.30-universal-unknown)
      trollop (>= 1.16.2)
    gherkin (1.0.30-x86-mingw32)
      trollop (>= 1.16.2)
    gherkin (1.0.30-x86-mswin32)
      trollop (>= 1.16.2)
    haml (3.0.10)
    i18n (0.4.1)
    json_pure (1.4.3)
    linecache (0.43)
    linecache (0.43-x86-mswin32)
    mail (2.2.3)
      activesupport (>= 2.3.6)
      mime-types
      treetop (>= 1.4.5)
    mime-types (1.16)
    mongo (1.0.2)
      bson (= 1.0.2)
    nokogiri (1.4.2)
    nokogiri (1.4.2-java)
      weakling (>= 0.0.3)
    polyglot (0.3.1)
    rack (1.1.0)
    rack-mount (0.6.3)
    rack-test (0.5.4)
      rack (>= 1.0)
    rake (0.8.7)
    rspec (2.0.0.beta.11)
      rspec-core (= 2.0.0.beta.11)
      rspec-expectations (= 2.0.0.beta.11)
      rspec-mocks (= 2.0.0.beta.11)
    rspec-core (2.0.0.beta.11)
    rspec-expectations (2.0.0.beta.11)
      diff-lcs (>= 1.1.2)
    rspec-mocks (2.0.0.beta.11)
    rspec-rails (2.0.0.beta.11)
      rspec (= 2.0.0.beta.11)
      webrat (>= 0.7.0)
    ruby-debug (0.10.3)
      columnize (>= 0.1)
      ruby-debug-base (~> 0.10.3.0)
    ruby-debug-base (0.10.3)
      linecache (>= 0.3)
    selenium-webdriver (0.0.20)
      ffi (>= 0.6.1)
      json_pure
    term-ansicolor (1.0.5)
    thor (0.13.6)
    treetop (1.4.8)
      polyglot (>= 0.3.1)
    trollop (1.16.2)
    tzinfo (0.3.22)
    unicorn (0.990.0)
      rack
    viewfu (1.0.1)
    warden (0.10.7)
      rack (>= 1.0.0)
    webrat (0.7.1)
      nokogiri (>= 1.2.0)
      rack (>= 1.0)
      rack-test (>= 0.5.3)
    will_paginate (3.0.pre)

PLATFORMS
  ruby

DEPENDENCIES
  better_partials (>= 1.0.1)
  bson_ext (>= 1.0)
  capybara
  compass (>= 0.10.0.rc1)
  cucumber-rails
  database_cleaner
  devise!
  factory_girl
  haml
  hassle!
  mongoid!
  rails!
  rspec-rails (>= 2.0.0.beta)
  ruby-debug
  unicorn
  viewfu (>= 1.0.1)
