GIT
  remote: http://github.com/Sutto/barista.git
  revision: cc30abcd1f019f8a6bb02f6314a183d4c1a38953
  specs:
    barista (0.5.1)
      open4

GIT
  remote: http://github.com/TrevorBurnham/barista_growl.git
  revision: 4d52084c5e0fd0d040e2da2e8b65d8344ce36672
  specs:
    barista_growl (0.1.0)
      barista
      growl

GIT
  remote: http://github.com/ianwhite/pickle.git
  revision: 65ba8b7337f38d0ab4c153b3ab687e13de7086c7
  specs:
    pickle (0.4.2)
      cucumber (>= 0.8)
      rake
      rspec (>= 1.3)
      yard

GIT
  remote: http://github.com/mongoid/mongoid.git
  revision: ae67ac7400dbac20dad4b823993a468960467f38
  specs:
    mongoid (2.0.0.beta.19)
      activemodel (~> 3.0)
      mongo (= 1.0.9)
      tzinfo (~> 0.3.22)
      will_paginate (~> 3.0.pre)

GIT
  remote: http://github.com/railsjedi/jammit-s3.git
  revision: 7259d6e223556b312ff81a1e55fce5058731201a
  specs:
    jammit-s3 (0.5.3.1)
      jammit (>= 0.5.3)
      mimemagic (>= 0.1.7)
      s3 (>= 0.3.4)

GIT
  remote: http://github.com/railsjedi/jammit.git
  revision: aa3c2b6847051b30b74d14e556af591a96f269d0
  specs:
    jammit (0.5.3)
      closure-compiler (>= 0.1.0)
      yui-compressor (>= 0.9.1)

GEM
  remote: http://rubygems.org/
  specs:
    abstract (1.0.0)
    actionmailer (3.0.0)
      actionpack (= 3.0.0)
      mail (~> 2.2.5)
    actionpack (3.0.0)
      activemodel (= 3.0.0)
      activesupport (= 3.0.0)
      builder (~> 2.1.2)
      erubis (~> 2.6.6)
      i18n (~> 0.4.1)
      rack (~> 1.2.1)
      rack-mount (~> 0.6.12)
      rack-test (~> 0.5.4)
      tzinfo (~> 0.3.23)
    activemodel (3.0.0)
      activesupport (= 3.0.0)
      builder (~> 2.1.2)
      i18n (~> 0.4.1)
    activerecord (3.0.0)
      activemodel (= 3.0.0)
      activesupport (= 3.0.0)
      arel (~> 1.0.0)
      tzinfo (~> 0.3.23)
    activeresource (3.0.0)
      activemodel (= 3.0.0)
      activesupport (= 3.0.0)
    activesupport (3.0.0)
    arel (1.0.1)
      activesupport (~> 3.0.0)
    autotest (4.4.0)
    bcrypt-ruby (2.1.2)
    better_partials (1.0.1)
    bson (1.0.9)
    bson_ext (1.0.9)
    builder (2.1.2)
    capybara (0.3.9)
      culerity (>= 0.2.4)
      mime-types (>= 1.16)
      nokogiri (>= 1.3.3)
      rack (>= 1.0.0)
      rack-test (>= 0.5.4)
      selenium-webdriver (>= 0.0.3)
    cgi_multipart_eof_fix (2.5.0)
    closure-compiler (0.3.3)
    columnize (0.3.1)
    compass (0.10.5)
      haml (>= 3.0.4)
    configuration (1.1.0)
    cucumber (0.9.1)
      builder (~> 2.1.2)
      diff-lcs (~> 1.1.2)
      gherkin (~> 2.2.5)
      json (~> 1.4.6)
      term-ansicolor (~> 1.0.5)
    cucumber-rails (0.3.2)
      cucumber (>= 0.8.0)
    culerity (0.2.12)
    daemons (1.1.0)
    database_cleaner (0.5.2)
    devise (1.1.3)
      bcrypt-ruby (~> 2.1.2)
      warden (~> 0.10.7)
    diff-lcs (1.1.2)
    erubis (2.6.6)
      abstract (>= 1.0.0)
    factory_girl (1.3.2)
    factory_girl_rails (1.0)
      factory_girl (~> 1.3)
      rails (>= 3.0.0.beta4)
    fastthread (1.0.7)
    ffi (0.6.3)
      rake (>= 0.8.7)
    formtastic (1.1.0)
      actionpack (>= 2.3.0)
      activesupport (>= 2.3.0)
      i18n (>= 0.4.0)
    gem_plugin (0.2.3)
    gherkin (2.2.5)
      json (~> 1.4.6)
      term-ansicolor (~> 1.0.5)
      trollop (~> 1.16.2)
    growl (1.0.3)
    growl-glue (1.0.7)
    haml (3.0.21)
    i18n (0.4.1)
    json (1.4.6)
    json_pure (1.4.6)
    launchy (0.3.7)
      configuration (>= 0.0.5)
      rake (>= 0.8.1)
    linecache (0.43)
    mail (2.2.6.1)
      activesupport (>= 2.3.6)
      mime-types
      treetop (>= 1.4.5)
    mime-types (1.16)
    mimemagic (0.1.7)
    mongo (1.0.9)
      bson (>= 1.0.5)
    mongrel (1.1.5)
      cgi_multipart_eof_fix (>= 2.4)
      daemons (>= 1.0.3)
      fastthread (>= 1.0.1)
      gem_plugin (>= 0.2.3)
    nokogiri (1.4.3.1)
    open4 (1.0.1)
    polyglot (0.3.1)
    proxies (0.2.1)
    rack (1.2.1)
    rack-mount (0.6.13)
      rack (>= 1.0.0)
    rack-test (0.5.6)
      rack (>= 1.0)
    rails (3.0.0)
      actionmailer (= 3.0.0)
      actionpack (= 3.0.0)
      activerecord (= 3.0.0)
      activeresource (= 3.0.0)
      activesupport (= 3.0.0)
      bundler (~> 1.0.0)
      railties (= 3.0.0)
    rails_config (0.1.5)
      activesupport (~> 3.0)
    railties (3.0.0)
      actionpack (= 3.0.0)
      activesupport (= 3.0.0)
      rake (>= 0.8.4)
      thor (~> 0.14.0)
    rake (0.8.7)
    remarkable (4.0.0.alpha4)
      rspec (>= 2.0.0.alpha11)
    remarkable_activemodel (4.0.0.alpha4)
      remarkable (~> 4.0.0.alpha4)
      rspec (>= 2.0.0.alpha11)
    remarkable_mongoid (0.4.0)
      remarkable_activemodel (>= 4.0.0.alpha2)
    rspec (2.0.0.beta.22)
      rspec-core (= 2.0.0.beta.22)
      rspec-expectations (= 2.0.0.beta.22)
      rspec-mocks (= 2.0.0.beta.22)
    rspec-core (2.0.0.beta.22)
    rspec-expectations (2.0.0.beta.22)
      diff-lcs (>= 1.1.2)
    rspec-mocks (2.0.0.beta.22)
      rspec-core (= 2.0.0.beta.22)
      rspec-expectations (= 2.0.0.beta.22)
    rspec-rails (2.0.0.beta.22)
      rspec (= 2.0.0.beta.22)
    ruby-debug (0.10.3)
      columnize (>= 0.1)
      ruby-debug-base (~> 0.10.3.0)
    ruby-debug-base (0.10.3)
      linecache (>= 0.3)
    rubyzip (0.9.4)
    s3 (0.3.4)
      proxies
    selenium-webdriver (0.0.28)
      ffi (>= 0.6.1)
      json_pure
      rubyzip
    term-ansicolor (1.0.5)
    thor (0.14.2)
    treetop (1.4.8)
      polyglot (>= 0.3.1)
    trollop (1.16.2)
    tzinfo (0.3.23)
    viewfu (1.0.1)
    warden (0.10.7)
      rack (>= 1.0.0)
    webrat (0.7.1)
      nokogiri (>= 1.2.0)
      rack (>= 1.0)
      rack-test (>= 0.5.3)
    will_paginate (3.0.pre2)
    yard (0.6.1)
    yui-compressor (0.9.1)

PLATFORMS
  ruby

DEPENDENCIES
  autotest
  barista!
  barista_growl!
  better_partials (>= 1.0.1)
  bson_ext (>= 1.0)
  capybara
  compass
  cucumber-rails
  database_cleaner
  devise (>= 1.1.3)
  factory_girl_rails
  formtastic (>= 1.1.0)
  growl-glue
  haml
  i18n (>= 0.4.0)
  jammit!
  jammit-s3!
  launchy
  mongoid!
  mongrel
  pickle!
  rails (>= 3.0.0)
  rails_config (>= 0.1.5)
  remarkable_mongoid
  rspec-rails (>= 2.0.0.beta.22)
  ruby-debug
  viewfu (>= 1.0.1)
  webrat
